GEM
  remote: https://rubygems.org/
  specs:
    coderay (1.1.2)
    diff-lcs (1.3)
    facter (2.5.1)
    facterdb (0.5.2)
      facter
      jgrep
    fast_gettext (1.1.2)
    hiera (3.4.3)
    jgrep (1.5.0)
    json (2.1.0)
    locale (2.1.2)
    mcollective-client (2.12.1)
      json
      stomp
      systemu
    metaclass (0.0.4)
    method_source (0.9.0)
    mocha (1.6.0)
      metaclass (~> 0.0.1)
    multi_json (1.13.1)
    pry (0.11.3)
      coderay (~> 1.1.0)
      method_source (~> 0.9.0)
    puppet (5.5.3)
      facter (> 2.0.1, < 4)
      fast_gettext (~> 1.1.2)
      hiera (>= 3.2.1, < 4)
      locale (~> 2.1)
      multi_json (~> 1.10)
    puppet-lint (2.3.6)
    puppet-syntax (2.4.1)
      rake
    puppetlabs_spec_helper (2.9.1)
      mocha (~> 1.0)
      puppet-lint (~> 2.0)
      puppet-syntax (~> 2.0)
      rspec-puppet (~> 2.0)
    rake (12.3.1)
    rspec (3.7.0)
      rspec-core (~> 3.7.0)
      rspec-expectations (~> 3.7.0)
      rspec-mocks (~> 3.7.0)
    rspec-core (3.7.1)
      rspec-support (~> 3.7.0)
    rspec-expectations (3.7.0)
      diff-lcs (>= 1.2.0, < 2.0)
      rspec-support (~> 3.7.0)
    rspec-mocks (3.7.0)
      diff-lcs (>= 1.2.0, < 2.0)
      rspec-support (~> 3.7.0)
    rspec-puppet (2.6.14)
      rspec
    rspec-puppet-facts (1.9.0)
      facter
      facterdb (>= 0.5.0)
      json
      mcollective-client
      puppet
    rspec-support (3.7.1)
    stomp (1.4.4)
    systemu (2.6.5)

PLATFORMS
  ruby

DEPENDENCIES
  hiera
  pry
  puppet (= 5.5.3)
  puppet-lint
  puppetlabs_spec_helper
  rspec-puppet
  rspec-puppet-facts

BUNDLED WITH
   1.16.3
